GEM
  remote: https://rubygems.org/
  specs:
    date (3.4.1)
    debug (1.11.0)
      irb (~> 1.10)
      reline (>= 0.3.8)
    diff-lcs (1.6.2)
    erb (5.0.2)
    io-console (0.8.1)
    irb (1.15.2)
      pp (>= 0.6.0)
      rdoc (>= 4.0.0)
      reline (>= 0.4.2)
    nokogiri (1.18.9-aarch64-linux-gnu)
      racc (~> 1.4)
    nokogiri (1.18.9-aarch64-linux-musl)
      racc (~> 1.4)
    nokogiri (1.18.9-arm-linux-gnu)
      racc (~> 1.4)
    nokogiri (1.18.9-arm-linux-musl)
      racc (~> 1.4)
    nokogiri (1.18.9-arm64-darwin)
      racc (~> 1.4)
    nokogiri (1.18.9-x86_64-darwin)
      racc (~> 1.4)
    nokogiri (1.18.9-x86_64-linux-gnu)
      racc (~> 1.4)
    nokogiri (1.18.9-x86_64-linux-musl)
      racc (~> 1.4)
    pp (0.6.2)
      prettyprint
    prettyprint (0.2.0)
    psych (5.2.6)
      date
      stringio
    racc (1.8.1)
    rdoc (6.14.2)
      erb
      psych (>= 4.0.0)
    reline (0.6.2)
      io-console (~> 0.5)
    rspec (3.13.1)
      rspec-core (~> 3.13.0)
      rspec-expectations (~> 3.13.0)
      rspec-mocks (~> 3.13.0)
    rspec-core (3.13.5)
      rspec-support (~> 3.13.0)
    rspec-expectations (3.13.5)
      diff-lcs (>= 1.2.0, < 2.0)
      rspec-support (~> 3.13.0)
    rspec-mocks (3.13.5)
      diff-lcs (>= 1.2.0, < 2.0)
      rspec-support (~> 3.13.0)
    rspec-support (3.13.4)
    stringio (3.1.7)

PLATFORMS
  aarch64-linux-gnu
  aarch64-linux-musl
  arm-linux-gnu
  arm-linux-musl
  arm64-darwin
  x86_64-darwin
  x86_64-linux-gnu
  x86_64-linux-musl

DEPENDENCIES
  debug (>= 1.0.0)
  nokogiri (~> 1.15)
  rspec (~> 3.12)

RUBY VERSION
   ruby 3.3.5p100

BUNDLED WITH
   2.7.1
